PATH
  remote: .
  specs:
    railsdock (0.1.0)
      bundler (~> 2.0)
      pastel (~> 0.7.2)
      railties (>= 4.2, < 6.1)
      thor (~> 0.20.0)
      tty-box (~> 0.4.0)
      tty-color (~> 0.4)
      tty-command (~> 0.8.0)
      tty-config (~> 0.3.0)
      tty-cursor (~> 0.7)
      tty-editor (~> 0.5.0)
      tty-file (~> 0.7.0)
      tty-markdown (~> 0.5.0)
      tty-platform (~> 0.2.0)
      tty-progressbar (~> 0.17.0)
      tty-prompt (~> 0.19.0)
      tty-spinner (~> 0.9.0)

GEM
  remote: https://rubygems.org/
  specs:
    actionpack (6.0.1)
      actionview (= 6.0.1)
      activesupport (= 6.0.1)
      rack (~> 2.0)
      rack-test (>= 0.6.3)
      rails-dom-testing (~> 2.0)
      rails-html-sanitizer (~> 1.0, >= 1.2.0)
    actionview (6.0.1)
      activesupport (= 6.0.1)
      builder (~> 3.1)
      erubi (~> 1.4)
      rails-dom-testing (~> 2.0)
      rails-html-sanitizer (~> 1.1, >= 1.2.0)
    activesupport (6.0.1)
      concurrent-ruby (~> 1.0, >= 1.0.2)
      i18n (>= 0.7, < 2)
      minitest (~> 5.1)
      tzinfo (~> 1.1)
      zeitwerk (~> 2.2)
    appraisal (2.2.0)
      bundler
      rake
      thor (>= 0.14.0)
    builder (3.2.3)
    coderay (1.1.2)
    concurrent-ruby (1.1.5)
    crass (1.0.5)
    diff-lcs (1.3)
    equatable (0.6.1)
    erubi (1.9.0)
    i18n (1.7.0)
      concurrent-ruby (~> 1.0)
    kramdown (1.16.2)
    loofah (2.3.1)
      crass (~> 1.0.2)
      nokogiri (>= 1.5.9)
    method_source (0.9.2)
    mini_portile2 (2.4.0)
    minitest (5.13.0)
    necromancer (0.5.0)
    nokogiri (1.10.5)
      mini_portile2 (~> 2.4.0)
    pastel (0.7.3)
      equatable (~> 0.6)
      tty-color (~> 0.5)
    pry (0.12.2)
      coderay (~> 1.1.0)
      method_source (~> 0.9.0)
    pry-rails (0.3.9)
      pry (>= 0.10.4)
    rack (2.0.7)
    rack-test (1.1.0)
      rack (>= 1.0, < 3)
    rails-dom-testing (2.0.3)
      activesupport (>= 4.2.0)
      nokogiri (>= 1.6)
    rails-html-sanitizer (1.3.0)
      loofah (~> 2.3)
    railties (6.0.1)
      actionpack (= 6.0.1)
      activesupport (= 6.0.1)
      method_source
      rake (>= 0.8.7)
      thor (>= 0.20.3, < 2.0)
    rake (10.5.0)
    rake-compiler (1.0.7)
      rake
    rouge (3.12.0)
    rspec (3.8.0)
      rspec-core (~> 3.8.0)
      rspec-expectations (~> 3.8.0)
      rspec-mocks (~> 3.8.0)
    rspec-core (3.8.2)
      rspec-support (~> 3.8.0)
    rspec-expectations (3.8.4)
      diff-lcs (>= 1.2.0, < 2.0)
      rspec-support (~> 3.8.0)
    rspec-mocks (3.8.1)
      diff-lcs (>= 1.2.0, < 2.0)
      rspec-support (~> 3.8.0)
    rspec-support (3.8.2)
    strings (0.1.6)
      strings-ansi (~> 0.1)
      unicode-display_width (~> 1.5)
      unicode_utils (~> 1.4)
    strings-ansi (0.1.0)
    thor (0.20.3)
    thread_safe (0.3.6)
    tty-box (0.4.1)
      pastel (~> 0.7.2)
      strings (~> 0.1.6)
      tty-cursor (~> 0.7)
    tty-color (0.5.0)
    tty-command (0.8.2)
      pastel (~> 0.7.0)
    tty-config (0.3.2)
    tty-cursor (0.7.0)
    tty-editor (0.5.1)
      tty-prompt (~> 0.19)
      tty-which (~> 0.4)
    tty-file (0.7.1)
      diff-lcs (~> 1.3)
      pastel (~> 0.7.2)
      tty-prompt (~> 0.18)
    tty-markdown (0.5.1)
      kramdown (~> 1.16.2)
      pastel (~> 0.7.2)
      rouge (~> 3.3)
      strings (~> 0.1.4)
      tty-color (~> 0.4)
      tty-screen (~> 0.6)
    tty-platform (0.2.1)
    tty-progressbar (0.17.0)
      strings-ansi (~> 0.1.0)
      tty-cursor (~> 0.7)
      tty-screen (~> 0.7)
      unicode-display_width (~> 1.6)
    tty-prompt (0.19.0)
      necromancer (~> 0.5.0)
      pastel (~> 0.7.0)
      tty-reader (~> 0.6.0)
    tty-reader (0.6.0)
      tty-cursor (~> 0.7)
      tty-screen (~> 0.7)
      wisper (~> 2.0.0)
    tty-screen (0.7.0)
    tty-spinner (0.9.1)
      tty-cursor (~> 0.7)
    tty-which (0.4.1)
    tzinfo (1.2.5)
      thread_safe (~> 0.1)
    unicode-display_width (1.6.0)
    unicode_utils (1.4.0)
    wisper (2.0.1)
    zeitwerk (2.2.1)

PLATFORMS
  ruby

DEPENDENCIES
  appraisal (= 2.2.0)
  pry-rails
  railsdock!
  rake (~> 10.0)
  rake-compiler
  rspec (~> 3.0)

BUNDLED WITH
   2.0.1
